##TITLE= Parameter file, TOPSPIN		Version 3.2
##JCAMPDX= 5.0
##DATATYPE= Parameter Values
##NPOINTS= 8461	$$ modification sequence number
##ORIGIN= Bruker BioSpin GmbH
##OWNER= ep
$$ 2021-05-20 09:33:56.484 +0900  staff@nmrpc
$$ /opt/topspin3.2pl6/conf/instr/spect/specpar
$$ process /opt/topspin3.2pl6/prog/mod/cprserver
##$HPPRECH= (0..15)
-1 -1 -1 -1 -1 -1 -1 -1 -1 -1 -1 -1 -1 -1 -1 -1
##$LOCSW2H= 2
##$NUC1= 10
##$NUC2= 1
##$NUC3= 0
##$NUC4= 0
##$NUC5= 0
##$NUC6= 0
##$NUC7= 0
##$NUC8= 0
##$NUCARR= (0..123)
700.18 700.18 107.481893116 746.839813153 533.393181987 103.039090955 272.116533835
98.387984263 75.224944584 224.645569153 176.060401036 50.580197993 70.948623242
94.919600623 658.82744622 55.274281733 185.21091342 42.862463943 182.444915346
139.106069937 283.438059336 53.7458168 68.602999236 57.104755305 32.673010471
17.933745349 47.122317052 170.085954145 39.472885561 39.483409267 69.810109556
184.167981306 39.577646493 173.569146592 22.670274 166.132226733 62.568441892
185.656038851 198.876977647 43.808883245 168.052680437 213.531822067 24.424483967
119.889118705 133.534919723 36.5334459 175.422957164 189.094237732 26.94012568
67.601979897 229.102074817 30.34455488 34.310206356 65.090819336 171.377247106
45.630212467 46.587841651 157.598796987 32.244346272 36.138873464 22.310864605
32.04093698 28.342019074 32.583107359 148.546547864 155.392172715 153.099643359
153.427845732 229.090136748 249.489951066 261.101547138 167.557114039 90.737845591
183.235299536 220.905172584 140.088415475 194.721360335 57.722286058 91.836603056
69.559081023 77.81049927 92.38384974 98.904913154 214.395116 38.15981 23.526048
29.197506 24.086192 174.064748 76.879764 21.495526 28.217254 168.323272
24.086192 33.748676 149.418412 20.165184 58.044922 122.526640751 33.7556778
79.8485272 56.9316358 28.0562126 17.6235306 83.94878128 29.172208497 157.71274428
159.30215288 15.980425196 54.37177772 12.0290924 13.1003678 150.516182211
12.1061122 125.40799348 46.292981849 399.96522176 403.890696908 146.481850078
112.513940718 12.89311452 100 100 100
##$OFFSF= (0..7)
0 0 0 0 0 0 0 0
##$OFFSH= (0..7)
3290.80000005888 3292.10000006697 0 0 0 0 0 0
##$OFFSX= (0..7)
49.45 118 783 0 0 0 0 0
##$PRECHAN= (0..15)
-1 3 0 2 -1 -1 4 -1 -1 -1 -1 -1 -1 -1 -1 -1
##$RECPRE= (0..15)
-1 0 -1 -1 -1 -1 -1 -1 -1 -1 -1 -1 -1 -1 -1 -1
##$RECSEL= (0..15)
0 0 0 1 0 0 0 0 0 0 0 0 0 0 0 0
##$SELREC= (0..9)
0 0 0 0 0 0 0 0 0 0
##$SFO1= 176.06045
##$SFO2= 700.183291
##$SFO3= 700.18
##$SFO4= 700.18
##$SFO5= 700.18
##$SFO6= 700.18
##$SFO7= 700.18
##$SFO8= 700.18
##END=
